GEM
  remote: https://rubygems.org/
  specs:
    smarter_csv (1.2.6)

PLATFORMS
  x86_64-darwin-19

DEPENDENCIES
  smarter_csv (~> 1.2)

RUBY VERSION
   ruby 3.0.0p0

BUNDLED WITH
   2.2.3
